GEM
  remote: https://rubygems.org/
  specs:
    hatenablog (0.7.0)
      nokogiri
      oauth
    mini_portile2 (2.8.0)
    nokogiri (1.13.9)
      mini_portile2 (~> 2.8.0)
      racc (~> 1.4)
    oauth (0.5.6)
    racc (1.6.0)

PLATFORMS
  ruby

DEPENDENCIES
  hatenablog

BUNDLED WITH
   2.1.4
