GEM
  remote: https://rubygems.org/
  specs:
    hatenablog (0.7.0)
      nokogiri
      oauth
    mini_portile2 (2.8.1)
    nokogiri (1.14.3)
      mini_portile2 (~> 2.8.0)
      racc (~> 1.4)
    oauth (0.5.6)
    racc (1.6.2)

PLATFORMS
  ruby

DEPENDENCIES
  hatenablog

BUNDLED WITH
   2.1.4
